GEM
  remote: http://rubygems.org/
  specs:
    blankslate (2.1.2.4)
    colorize (0.6.0)
    csscss (1.3.2)
      colorize
      parslet (~> 1.5)
    parslet (1.5.0)
      blankslate (~> 2.0)
    sass (3.2.14)

PLATFORMS
  x86-mingw32

DEPENDENCIES
  csscss (~> 1.3.2)
  sass (>= 3.2.11)
